GEM
  remote: https://rubygems.org/
  specs:
    coderay (1.0.9)
    execjs (1.4.0)
      multi_json (~> 1.0)
    git (1.2.5)
    method_source (0.8.1)
    multi_json (1.7.3)
    pry (0.9.12.2)
      coderay (~> 1.0.5)
      method_source (~> 0.8)
      slop (~> 3.4)
    rack (1.5.2)
    rack-protection (1.5.0)
      rack
    sinatra (1.4.2)
      rack (~> 1.5, >= 1.5.2)
      rack-protection (~> 1.4)
      tilt (~> 1.3, >= 1.3.4)
    slop (3.4.5)
    tilt (1.4.1)

PLATFORMS
  ruby

DEPENDENCIES
  execjs
  git
  pry
  sinatra
